GEM
  remote: https://rubygems.org/
  specs:
    rack (3.0.8)
    rack-app (11.0.2)
      rack (>= 3.0.0)
      rackup
    rackup (2.1.0)
      rack (>= 3)
      webrick (~> 1.8)
    webrick (1.8.1)

PLATFORMS
  ruby
  x86_64-linux

DEPENDENCIES
  rack-app

BUNDLED WITH
   2.5.0.dev
